GIT
  remote: git://github.com/alf-tool/alf-core.git
  revision: 554731856ebf551f3b3134ea0527f313e3fa81eb
  specs:
    alf-core (0.13.0)
      domain (~> 1.0)
      myrrha (~> 3.0)
      path (~> 1.3)
      sexpr (~> 0.5.1)

GEM
  remote: http://rubygems.org/
  specs:
    diff-lcs (1.2.4)
    domain (1.0.0)
    highline (1.6.19)
    myrrha (3.0.0)
      domain (~> 1.0)
    path (1.3.1)
    quickl (0.4.3)
    rake (10.0.4)
    rspec (2.13.0)
      rspec-core (~> 2.13.0)
      rspec-expectations (~> 2.13.0)
      rspec-mocks (~> 2.13.0)
    rspec-core (2.13.1)
    rspec-expectations (2.13.0)
      diff-lcs (>= 1.1.3, < 2.0)
    rspec-mocks (2.13.1)
    sexpr (0.5.1)

PLATFORMS
  ruby

DEPENDENCIES
  alf-core!
  highline (~> 1.6)
  quickl (~> 0.4.3)
  rake (~> 10.0)
  rspec (~> 2.13)
