GIT
  remote: git://github.com/alf-tool/alf-core.git
  revision: c9102c57f38b18821670ad0f5e1b73f212db908c
  specs:
    alf-core (0.13.0)
      domain (~> 1.0.0.rc4)
      myrrha (~> 3.0.0.rc7)
      path (~> 1.3)
      quickl (~> 0.4.3)
      sexpr (~> 0.5.1)

GEM
  remote: http://rubygems.org/
  specs:
    diff-lcs (1.1.3)
    domain (1.0.0.rc4)
    highline (1.6.15)
    myrrha (3.0.0.rc7)
      domain (~> 1.0.0.rc3)
    path (1.3.1)
    quickl (0.4.3)
    rake (10.0.3)
    rspec (2.12.0)
      rspec-core (~> 2.12.0)
      rspec-expectations (~> 2.12.0)
      rspec-mocks (~> 2.12.0)
    rspec-core (2.12.2)
    rspec-expectations (2.12.1)
      diff-lcs (~> 1.1.3)
    rspec-mocks (2.12.1)
    sexpr (0.5.1)

PLATFORMS
  ruby

DEPENDENCIES
  alf-core!
  highline (~> 1.6)
  quickl (~> 0.4.3)
  rake (~> 10.0)
  rspec (~> 2.12)
