GIT
  remote: git://github.com/alf-tool/alf-core.git
  revision: 7a968bdc1b69e0f33f80bb4c4cd0d994f389a580
  specs:
    alf-core (0.15.0)
      domain (~> 1.0)
      myrrha (~> 3.0)
      path (~> 1.3)
      sexpr (~> 0.6.0)

GEM
  remote: http://rubygems.org/
  specs:
    diff-lcs (1.2.4)
    domain (1.0.0)
    highline (1.6.19)
    myrrha (3.0.0)
      domain (~> 1.0)
    path (1.3.3)
    quickl (0.4.3)
    rake (10.1.0)
    rspec (2.14.1)
      rspec-core (~> 2.14.0)
      rspec-expectations (~> 2.14.0)
      rspec-mocks (~> 2.14.0)
    rspec-core (2.14.4)
    rspec-expectations (2.14.0)
      diff-lcs (>= 1.1.3, < 2.0)
    rspec-mocks (2.14.1)
    sexpr (0.6.0)

PLATFORMS
  ruby

DEPENDENCIES
  alf-core!
  highline (~> 1.6)
  quickl (~> 0.4.3)
  rake (~> 10.1)
  rspec (~> 2.14)
